GEM
  remote: https://rubygems.org/
  specs:
    i18n (0.7.0)
    monetize (1.3.0)
      money (~> 6.5.0)
    money (6.5.1)
      i18n (>= 0.6.4, <= 0.7.0)
    power_assert (0.2.3)
    test-unit (3.1.2)
      power_assert

PLATFORMS
  ruby

DEPENDENCIES
  monetize
  test-unit
